GEM
  remote: https://rubygems.org/
  specs:
    colorize (0.8.1)
    mini_portile2 (2.4.0)
    nokogiri (1.10.8)
      mini_portile2 (~> 2.4.0)
    rouge (2.0.7)
    thor (0.20.0)
    xcpretty (0.2.8)
      rouge (~> 2.0.7)

PLATFORMS
  ruby

DEPENDENCIES
  colorize
  nokogiri
  thor
  xcpretty

BUNDLED WITH
   1.16.6
